GEM
  remote: http://rubygems.org/
  specs:
    configuration (1.1.0)
    gemcutter (0.6.1)
    git (1.2.5)
    haml (3.0.21)
    jeweler (1.4.0)
      gemcutter (>= 0.1.0)
      git (>= 1.2.5)
      rubyforge (>= 2.0.0)
    json_pure (1.4.6)
    launchy (0.3.7)
      configuration (>= 0.0.5)
      rake (>= 0.8.1)
    nokogiri (1.4.3.1)
    rack (1.2.1)
    rake (0.8.7)
    rspec (1.3.0)
    rubyforge (2.0.4)
      json_pure (>= 1.1.7)
    rubyzip (0.9.4)
    sinatra (1.0)
      rack (>= 1.0)
    vegas (0.1.7)
      rack (>= 1.0.0)

PLATFORMS
  ruby

DEPENDENCIES
  gemcutter
  haml
  jeweler
  launchy
  nokogiri
  rspec
  rubyzip
  sinatra
  vegas
